PATH
  remote: .
  specs:
    dtext_rb (1.13.0)

GEM
  remote: https://rubygems.org/
  specs:
    benchmark-ips (2.14.0)
    cgi (0.5.0)
    minitest (5.25.5)
    rake (13.3.0)

PLATFORMS
  ruby

DEPENDENCIES
  benchmark-ips (~> 2.10)
  cgi (~> 0.3)
  dtext_rb!
  minitest (~> 5.15)
  rake (~> 13)

BUNDLED WITH
   2.5.5
